GEM
  remote: https://rubygems.org/
  specs:
    ffi (1.9.6)
    libreconv (0.9.0)
      spoon
    spoon (0.0.4)
      ffi

PLATFORMS
  ruby

DEPENDENCIES
  libreconv
